PATH
  remote: .
  specs:
    PUBG_cli (0.1.0)

GEM
  remote: https://rubygems.org/
  specs:
    coderay (1.1.3)
    domain_name (0.5.20190701)
      unf (>= 0.0.5, < 1.0.0)
    http-accept (1.7.0)
    http-cookie (1.0.5)
      domain_name (~> 0.5)
    httparty (0.20.0)
      mime-types (~> 3.0)
      multi_xml (>= 0.5.2)
    json (2.6.2)
    language_server-protocol (3.17.0.0)
    method_source (1.0.0)
    mime-types (3.4.1)
      mime-types-data (~> 3.2015)
    mime-types-data (3.2022.0105)
    multi_xml (0.6.0)
    netrc (0.11.0)
    nokogiri (1.13.8-x64-mingw-ucrt)
      racc (~> 1.4)
    prettier_print (0.1.0)
    pry (0.14.1)
      coderay (~> 1.1)
      method_source (~> 1.0)
    racc (1.6.0)
    rake (13.0.6)
    rest-client (2.1.0)
      http-accept (>= 1.7.0, < 2.0)
      http-cookie (>= 1.0.2, < 2.0)
      mime-types (>= 1.16, < 4.0)
      netrc (~> 0.8)
    ruby-lsp (0.2.4)
      language_server-protocol
      sorbet-runtime
      syntax_tree (>= 2.4)
    sorbet-runtime (0.5.10382)
    syntax_tree (3.5.0)
      prettier_print
    unf (0.1.4)
      unf_ext
    unf_ext (0.0.8.2-x64-mingw-ucrt)

PLATFORMS
  x64-mingw-ucrt

DEPENDENCIES
  PUBG_cli!
  httparty (~> 0.20.0)
  json
  nokogiri
  pry
  rake (~> 13.0)
  rest-client (~> 2.1)
  ruby-lsp (~> 0.2.3)

BUNDLED WITH
   2.3.7
